GIT
  remote: git://github.com/Holek/steam-friends-countries.git
  revision: c3a469de7fad2af2d90d58eaddb5aebbc1d06b52
  specs:
    steam_location (0.1.0)

GEM
  remote: http://rubygems.org/
  specs:
    hashie (1.2.0)
    multi_json (1.5.0)
    omniauth (1.1.1)
      hashie (~> 1.2)
      rack
    omniauth-openid (1.0.1)
      omniauth (~> 1.0)
      rack-openid (~> 1.3.1)
    omniauth-steam-nitrogs (1.0.3)
      multi_json
      omniauth-openid
    rack (1.4.3)
    rack-openid (1.3.1)
      rack (>= 1.1.0)
      ruby-openid (>= 2.1.8)
    rack-protection (1.3.2)
      rack
    ruby-openid (2.2.2)
    sinatra (1.3.3)
      rack (~> 1.3, >= 1.3.6)
      rack-protection (~> 1.2)
      tilt (~> 1.3, >= 1.3.3)
    tilt (1.3.3)

PLATFORMS
  ruby

DEPENDENCIES
  omniauth
  omniauth-steam-nitrogs
  sinatra
  steam_location!
